GIT
  remote: git://github.com/spikegrobstein/boucher.git
  revision: bac71ed516ebf9fe17b1b90681e15468cf2d36eb
  specs:
    boucher (0.0.1)
      capistrano (>= 2.13.5)
      term-ansicolor

GEM
  specs:
    capistrano (2.13.5)
      highline
      net-scp (>= 1.0.0)
      net-sftp (>= 2.0.0)
      net-ssh (>= 2.0.14)
      net-ssh-gateway (>= 1.1.0)
    highline (1.6.15)
    net-scp (1.0.4)
      net-ssh (>= 1.99.1)
    net-sftp (2.0.5)
      net-ssh (>= 2.0.9)
    net-ssh (2.6.1)
    net-ssh-gateway (1.1.0)
      net-ssh (>= 1.99.1)
    term-ansicolor (1.0.7)

PLATFORMS
  ruby

DEPENDENCIES
  boucher!
